GIT
  remote: https://github.com/getsentry/raven-ruby.git
  revision: 8ea61f94b7a9ece8ed69e796d326f10c7800127c
  specs:
    sentry-raven (0.12.3)
      faraday (>= 0.7.6)

GIT
  remote: https://github.com/sunlightlabs/lucene_query_parser.git
  revision: 8807aee6a74438f89d7396b21f52382b90edfca4
  specs:
    lucene_query_parser (0.0.1)
      parslet
      rainbow

GEM
  remote: https://rubygems.org/
  specs:
    activemodel (3.2.17)
      activesupport (= 3.2.17)
      builder (~> 3.0.0)
    activesupport (3.2.17)
      i18n (~> 0.6, >= 0.6.4)
      multi_json (~> 1.0)
    addressable (2.3.6)
    asset_sync (1.0.0)
      activemodel
      fog (>= 1.8.0)
    aws-sdk (1.38.0)
      json (~> 1.4)
      nokogiri (>= 1.4.4)
      uuidtools (~> 2.1)
    backports (3.6.0)
    bcrypt (3.1.7)
    big_sitemap (1.1.0)
    blankslate (3.1.3)
    builder (3.0.4)
    climate_control (0.0.3)
      activesupport (>= 3.0)
    cocaine (0.5.4)
      climate_control (>= 0.0.3, < 1.0)
    curb (0.8.5)
    debugger-ruby_core_source (1.3.2)
    escape_utils (1.0.1)
    excon (0.32.1)
    factory_girl (4.4.0)
      activesupport (>= 3.0.0)
    faraday (0.9.1)
      multipart-post (>= 1.2, < 3)
    feedbag (0.9.2)
      hpricot (>= 0.6)
    feedjira (1.1.0)
      curb (~> 0.8.1)
      loofah (~> 1.2.1)
      sax-machine (~> 0.2.1)
    fog (1.21.0)
      fog-brightbox
      fog-core (~> 1.21, >= 1.21.1)
      fog-json
      nokogiri (~> 1.5, >= 1.5.11)
    fog-brightbox (0.0.1)
      fog-core
      fog-json
    fog-core (1.21.1)
      builder
      excon (~> 0.32)
      formatador (~> 0.2.0)
      mime-types
      net-scp (~> 1.1)
      net-ssh (>= 2.1.3)
    fog-json (1.0.0)
      multi_json (~> 1.0)
    formatador (0.2.4)
    gman (2.0.0)
      addressable
      public_suffix
      swot
    hpricot (0.8.6)
    http_router (0.11.1)
      rack (>= 1.0.0)
      url_mount (~> 0.2.1)
    i18n (0.6.9)
    json (1.8.1)
    kgio (2.9.2)
    loofah (1.2.1)
      nokogiri (>= 1.4.4)
    mail (2.2.7)
      activesupport (>= 2.3.6)
      mime-types
      treetop (>= 1.4.5)
    mime-types (2.2)
    mini_portile (0.5.3)
    mongoid (3.1.6)
      activemodel (~> 3.2)
      moped (~> 1.4)
      origin (~> 1.0)
      tzinfo (~> 0.3.29)
    mongoid-paperclip (0.0.9)
      paperclip (>= 2.3.6)
    moped (1.5.2)
    multi_json (1.9.2)
    multipart-post (2.0.0)
    net-scp (1.1.2)
      net-ssh (>= 2.6.5)
    net-ssh (2.8.0)
    nokogiri (1.6.1)
      mini_portile (~> 0.5.0)
    oj (2.7.1)
    origin (1.1.0)
    padrino-core (0.12.0)
      activesupport (>= 3.1)
      http_router (~> 0.11.0)
      rack-protection (>= 1.5.0)
      sinatra (~> 1.4.2)
      thor (~> 0.17.0)
      tilt (~> 1.4.1)
    padrino-helpers (0.12.0)
      i18n (~> 0.6, >= 0.6.7)
      padrino-core (= 0.12.0)
    paint (0.8.7)
    paperclip (4.1.1)
      activemodel (>= 3.0.0)
      activesupport (>= 3.0.0)
      cocaine (~> 0.5.3)
      mime-types
    parslet (1.7.0)
      blankslate (>= 2.0, <= 4.0)
    polyglot (0.3.4)
    pony (1.8)
      mail (>= 2.0)
    postmark (1.1.0)
      json
      rake
    public_suffix (1.4.2)
    rack (1.5.2)
    rack-lineprof (0.0.2)
      rack
      rblineprof (~> 0.3.1)
      term-ansicolor
    rack-protection (1.5.2)
      rack
    rack-ssl (1.4.1)
      rack
    rack-test (0.6.2)
      rack (>= 1.0)
    rainbow (2.0.0)
    raindrops (0.13.0)
    rake (10.3.1)
    rblineprof (0.3.6)
      debugger-ruby_core_source (~> 1.3)
    rinku (1.7.3)
    rspec-mocks (2.14.6)
    ruby-hmac (0.4.0)
    safe_yaml (1.0.1)
    sanitize (2.1.0)
      nokogiri (>= 1.4.4)
    sax-machine (0.2.1)
      nokogiri (~> 1.6.0)
    sinatra (1.4.4)
      rack (~> 1.4)
      rack-protection (~> 1.4)
      tilt (~> 1.3, >= 1.3.4)
    sinatra-contrib (1.4.2)
      backports (>= 2.0)
      multi_json
      rack-protection
      rack-test
      sinatra (~> 1.4.0)
      tilt (~> 1.3)
    sinatra-cross_origin (0.3.2)
    sinatra-flash (0.3.0)
      sinatra (>= 1.0.0)
    slack-notifier (0.4.1)
    swot (0.3.0)
      public_suffix
    term-ansicolor (1.3.0)
      tins (~> 1.0)
    thor (0.17.0)
    tilt (1.4.1)
    timecop (0.7.1)
    tins (1.1.0)
    treetop (1.5.3)
      polyglot (~> 0.3)
    tzinfo (0.3.39)
    unf (0.1.3)
      unf_ext
    unf_ext (0.0.6)
    unicorn (4.8.2)
      kgio (~> 2.6)
      rack
      raindrops (~> 0.7)
    url_mount (0.2.1)
      rack
    uuidtools (2.1.4)
    wirb (1.0.3)
      paint (~> 0.8)

PLATFORMS
  ruby

DEPENDENCIES
  asset_sync
  aws-sdk
  bcrypt
  big_sitemap
  curb
  escape_utils
  factory_girl
  feedbag
  feedjira
  gman
  lucene_query_parser!
  mongoid (~> 3.1)
  mongoid-paperclip
  multi_json
  oj
  padrino-helpers (~> 0.11)
  paint
  pony (~> 1.4)
  postmark (~> 1.0)
  rack (~> 1.5)
  rack-lineprof
  rack-ssl
  rack-test
  rake
  rblineprof
  rinku
  rspec-mocks (~> 2.14)
  ruby-hmac
  safe_yaml
  sanitize
  sentry-raven!
  sinatra (~> 1.4)
  sinatra-contrib (~> 1.4)
  sinatra-cross_origin
  sinatra-flash
  slack-notifier
  swot
  timecop (~> 0.7)
  unf
  unicorn
  wirb
